GEM
  remote: https://rubygems.org/
  specs:
    byebug (10.0.2)
    daemons (1.2.6)
    mail (2.7.0)
      mini_mime (>= 0.1.1)
    mini_mime (1.0.0)
    pony (1.12)
      mail (>= 2.0)

PLATFORMS
  ruby

DEPENDENCIES
  byebug
  daemons
  pony

BUNDLED WITH
   1.15.4
